PATH
  remote: .
  specs:
    challah (2.0.0.alpha)
      bcrypt (~> 3.1)
      rails (= 5.2.0.rc1)
      rake (>= 10.3)

GEM
  remote: https://rubygems.org/
  specs:
    actioncable (5.2.0.rc1)
      actionpack (= 5.2.0.rc1)
      nio4r (~> 2.0)
      websocket-driver (>= 0.6.1)
    actionmailer (5.2.0.rc1)
      actionpack (= 5.2.0.rc1)
      actionview (= 5.2.0.rc1)
      activejob (= 5.2.0.rc1)
      mail (~> 2.5, >= 2.5.4)
      rails-dom-testing (~> 2.0)
    actionpack (5.2.0.rc1)
      actionview (= 5.2.0.rc1)
      activesupport (= 5.2.0.rc1)
      rack (~> 2.0)
      rack-test (>= 0.6.3)
      rails-dom-testing (~> 2.0)
      rails-html-sanitizer (~> 1.0, >= 1.0.2)
    actionview (5.2.0.rc1)
      activesupport (= 5.2.0.rc1)
      builder (~> 3.1)
      erubi (~> 1.4)
      rails-dom-testing (~> 2.0)
      rails-html-sanitizer (~> 1.0, >= 1.0.3)
    activejob (5.2.0.rc1)
      activesupport (= 5.2.0.rc1)
      globalid (>= 0.3.6)
    activemodel (5.2.0.rc1)
      activesupport (= 5.2.0.rc1)
    activerecord (5.2.0.rc1)
      activemodel (= 5.2.0.rc1)
      activesupport (= 5.2.0.rc1)
      arel (>= 9.0)
    activestorage (5.2.0.rc1)
      actionpack (= 5.2.0.rc1)
      activerecord (= 5.2.0.rc1)
      marcel (~> 0.3.1)
    activesupport (5.2.0.rc1)
      concurrent-ruby (~> 1.0, >= 1.0.2)
      i18n (~> 0.7)
      minitest (~> 5.1)
      tzinfo (~> 1.1)
    arel (9.0.0)
    ast (2.4.0)
    bcrypt (3.1.11)
    builder (3.2.3)
    coderay (1.1.2)
    concurrent-ruby (1.0.5)
    crass (1.0.3)
    diff-lcs (1.3)
    docile (1.1.5)
    erubi (1.7.0)
    factory_bot (4.8.2)
      activesupport (>= 3.0.0)
    factory_bot_rails (4.8.2)
      factory_bot (~> 4.8.2)
      railties (>= 3.0.0)
    globalid (0.4.1)
      activesupport (>= 4.2.0)
    i18n (0.9.5)
      concurrent-ruby (~> 1.0)
    json (2.1.0)
    loofah (2.2.0)
      crass (~> 1.0.2)
      nokogiri (>= 1.5.9)
    mail (2.7.0)
      mini_mime (>= 0.1.1)
    marcel (0.3.1)
      mimemagic (~> 0.3.2)
    method_source (0.9.0)
    mimemagic (0.3.2)
    mini_mime (1.0.0)
    mini_portile2 (2.3.0)
    minitest (5.11.3)
    nio4r (2.2.0)
    nokogiri (1.8.2)
      mini_portile2 (~> 2.3.0)
    parallel (1.12.1)
    parser (2.4.0.2)
      ast (~> 2.3)
    powerpack (0.1.1)
    pry (0.11.3)
      coderay (~> 1.1.0)
      method_source (~> 0.9.0)
    pry-rails (0.3.6)
      pry (>= 0.10.4)
    rack (2.0.4)
    rack-test (0.8.2)
      rack (>= 1.0, < 3)
    rails (5.2.0.rc1)
      actioncable (= 5.2.0.rc1)
      actionmailer (= 5.2.0.rc1)
      actionpack (= 5.2.0.rc1)
      actionview (= 5.2.0.rc1)
      activejob (= 5.2.0.rc1)
      activemodel (= 5.2.0.rc1)
      activerecord (= 5.2.0.rc1)
      activestorage (= 5.2.0.rc1)
      activesupport (= 5.2.0.rc1)
      bundler (>= 1.3.0)
      railties (= 5.2.0.rc1)
      sprockets-rails (>= 2.0.0)
    rails-controller-testing (1.0.2)
      actionpack (~> 5.x, >= 5.0.1)
      actionview (~> 5.x, >= 5.0.1)
      activesupport (~> 5.x)
    rails-dom-testing (2.0.3)
      activesupport (>= 4.2.0)
      nokogiri (>= 1.6)
    rails-html-sanitizer (1.0.3)
      loofah (~> 2.0)
    railties (5.2.0.rc1)
      actionpack (= 5.2.0.rc1)
      activesupport (= 5.2.0.rc1)
      method_source
      rake (>= 0.8.7)
      thor (>= 0.18.1, < 2.0)
    rainbow (3.0.0)
    rake (12.3.0)
    rdiscount (2.2.0.1)
    rspec-core (3.7.0)
      rspec-support (~> 3.7.0)
    rspec-expectations (3.7.0)
      diff-lcs (>= 1.2.0, < 2.0)
      rspec-support (~> 3.7.0)
    rspec-mocks (3.7.0)
      diff-lcs (>= 1.2.0, < 2.0)
      rspec-support (~> 3.7.0)
    rspec-rails (3.7.2)
      actionpack (>= 3.0)
      activesupport (>= 3.0)
      railties (>= 3.0)
      rspec-core (~> 3.7.0)
      rspec-expectations (~> 3.7.0)
      rspec-mocks (~> 3.7.0)
      rspec-support (~> 3.7.0)
    rspec-support (3.7.0)
    rspec_junit_formatter (0.3.0)
      rspec-core (>= 2, < 4, != 2.12.0)
    rubocop (0.52.1)
      parallel (~> 1.10)
      parser (>= 2.4.0.2, < 3.0)
      powerpack (~> 0.1)
      rainbow (>= 2.2.2, < 4.0)
      ruby-progressbar (~> 1.7)
      unicode-display_width (~> 1.0, >= 1.0.1)
    ruby-progressbar (1.9.0)
    simplecov (0.15.1)
      docile (~> 1.1.0)
      json (>= 1.8, < 3)
      simplecov-html (~> 0.10.0)
    simplecov-html (0.10.2)
    sprockets (3.7.1)
      concurrent-ruby (~> 1.0)
      rack (> 1, < 3)
    sprockets-rails (3.2.1)
      actionpack (>= 4.0)
      activesupport (>= 4.0)
      sprockets (>= 3.0.0)
    sqlite3 (1.3.13)
    thor (0.20.0)
    thread_safe (0.3.6)
    tzinfo (1.2.5)
      thread_safe (~> 0.1)
    unicode-display_width (1.3.0)
    websocket-driver (0.7.0)
      websocket-extensions (>= 0.1.0)
    websocket-extensions (0.1.3)
    yard (0.9.12)

PLATFORMS
  ruby

DEPENDENCIES
  challah!
  factory_bot_rails (~> 4.8)
  pry-rails
  rails-controller-testing
  rdiscount
  rspec-rails (~> 3.7)
  rspec_junit_formatter (~> 0.2)
  rubocop
  simplecov
  sqlite3 (~> 1.3)
  yard

BUNDLED WITH
   1.16.0
